GEM
  remote: http://rubygems.org/
  specs:
    activesupport (3.2.13)
      i18n (= 0.6.1)
      multi_json (~> 1.0)
    ansi (1.4.3)
    autotest-standalone (4.5.11)
    haml (4.0.0)
      tilt
    i18n (0.6.1)
    metaclass (0.0.1)
    minitest (2.5.1)
    mocha (0.13.3)
      metaclass (~> 0.0.1)
    multi_json (1.7.1)
    rack (1.5.2)
    rack-protection (1.5.0)
      rack
    rack-test (0.6.2)
      rack (>= 1.0)
    sinatra (1.4.1)
      rack (~> 1.5, >= 1.5.2)
      rack-protection (~> 1.4)
      tilt (~> 1.3, >= 1.3.4)
    sinatra-twitter-bootstrap (2.2.2.1)
    tilt (1.3.6)
    turn (0.9.6)
      ansi

PLATFORMS
  ruby

DEPENDENCIES
  activesupport
  autotest-standalone
  haml
  minitest
  mocha
  rack
  rack-test
  sinatra
  sinatra-twitter-bootstrap
  turn
