GEM
  remote: http://rubygems.org/
  specs:
    haml (4.0.0)
      tilt
    minitest (2.5.1)
    rack (1.5.2)
    rack-protection (1.5.0)
      rack
    sinatra (1.4.1)
      rack (~> 1.5, >= 1.5.2)
      rack-protection (~> 1.4)
      tilt (~> 1.3, >= 1.3.4)
    sinatra-twitter-bootstrap (2.2.2.1)
    tilt (1.3.6)

PLATFORMS
  ruby

DEPENDENCIES
  haml
  minitest
  rack
  sinatra
  sinatra-twitter-bootstrap
